GEM
  remote: https://rubygems.org/
  specs:
    backports (3.3.3)
    commonjs (0.2.6)
    eventmachine (1.0.3)
    haml (4.0.3)
      tilt
    less (2.3.2)
      commonjs (~> 0.2.6)
    libv8 (3.11.8.17)
    rack (1.5.2)
    rack-protection (1.5.0)
      rack
    rack-test (0.6.2)
      rack (>= 1.0)
    ref (1.0.5)
    sinatra (1.4.3)
      rack (~> 1.4)
      rack-protection (~> 1.4)
      tilt (~> 1.3, >= 1.3.4)
    sinatra-contrib (1.4.0)
      backports (>= 2.0)
      eventmachine
      rack-protection
      rack-test
      sinatra (~> 1.4.2)
      tilt (~> 1.3)
    sinatra-partial (0.4.0)
      sinatra
    therubyracer (0.11.4)
      libv8 (~> 3.11.8.12)
      ref
    tilt (1.4.1)

PLATFORMS
  ruby

DEPENDENCIES
  haml
  less
  sinatra
  sinatra-contrib
  sinatra-partial
  therubyracer
